GEM
  remote: https://rubygems.org/
  specs:
    cgi (0.3.6)
    csv (3.1.9)
    erb (4.0.2)
      cgi (>= 0.3.3)
    fileutils (1.7.1)
    pretty_inspect (1.4.0)
    rexml (3.2.5)
    rubyzip (2.3.2)
    selenium-webdriver (4.9.0)
      rexml (~> 3.2, >= 3.2.5)
      rubyzip (>= 1.2.2, < 3.0)
      websocket (~> 1.0)
    websocket (1.2.9)
    yaml (0.2.1)

PLATFORMS
  ruby

DEPENDENCIES
  csv (~> 3.1.0)
  erb (~> 4.0.0)
  fileutils (~> 1.7.0)
  pretty_inspect (~> 1.4.0)
  selenium-webdriver (~> 4.8)
  yaml (~> 0.2.0)

RUBY VERSION
   ruby 2.7.3p183

BUNDLED WITH
   2.1.4
